PATH
  remote: .
  specs:
    motion-addressbook (0.1.1)
      bubble-wrap

GEM
  remote: https://rubygems.org/
  specs:
    bubble-wrap (1.1.1)
    diff-lcs (1.1.3)
    rake (0.9.2.2)
    rspec (2.10.0)
      rspec-core (~> 2.10.0)
      rspec-expectations (~> 2.10.0)
      rspec-mocks (~> 2.10.0)
    rspec-core (2.10.1)
    rspec-expectations (2.10.0)
      diff-lcs (~> 1.1.3)
    rspec-mocks (2.10.1)

PLATFORMS
  ruby

DEPENDENCIES
  bubble-wrap
  motion-addressbook!
  rake
  rspec
